GIT
  remote: https://github.com/den-sheleh/GoogleBooks.git
  revision: d6aff22e9c376d048277a01079e97ac3509d7e03
  specs:
    googlebooks (0.0.5)
      httparty

GEM
  remote: https://rubygems.org/
  specs:
    daemons (1.1.9)
    dalli (2.6.2)
    eventmachine (1.0.3)
    haml (4.0.2)
      tilt
    httparty (0.11.0)
      multi_json (~> 1.0)
      multi_xml (>= 0.5.2)
    multi_json (1.7.2)
    multi_xml (0.5.3)
    rack (1.5.2)
    rack-protection (1.5.0)
      rack
    sinatra (1.4.2)
      rack (~> 1.5, >= 1.5.2)
      rack-protection (~> 1.4)
      tilt (~> 1.3, >= 1.3.4)
    sinatra-dalli (0.1.0)
      dalli
      sinatra
    thin (1.5.1)
      daemons (>= 1.0.9)
      eventmachine (>= 0.12.6)
      rack (>= 1.0.0)
    tilt (1.3.7)
    will_paginate (3.0.4)
    will_paginate-bootstrap (0.2.2)
      will_paginate (>= 3.0.3)

PLATFORMS
  ruby

DEPENDENCIES
  googlebooks!
  haml
  sinatra
  sinatra-dalli
  thin
  will_paginate
  will_paginate-bootstrap
